GEM
  remote: https://rubygems.org/
  specs:
    dotenv (2.1.0)

PLATFORMS
  ruby

DEPENDENCIES
  dotenv (~> 2.1.0)

BUNDLED WITH
   1.11.2
